GEM
  remote: http://rubygems.org/
  specs:
    active_support (3.0.0)
      activesupport (= 3.0.0)
    activesupport (3.0.0)
    httpclient (2.3.2)
    trollop (2.0)

PLATFORMS
  ruby

DEPENDENCIES
  active_support
  httpclient
  trollop
