GEM
  remote: http://rubygems.org/
  specs:
    active_support (3.0.0)
      activesupport (= 3.0.0)
    activesupport (3.0.0)
    coderay (1.0.8)
    method_source (0.8.1)
    pry (0.9.12)
      coderay (~> 1.0.5)
      method_source (~> 0.8)
      slop (~> 3.4)
    slop (3.4.3)
    trollop (2.0)

PLATFORMS
  ruby

DEPENDENCIES
  active_support
  pry
  trollop
